GEM
  remote: https://rubygems.org/
  specs:
    power_assert (0.3.0)
    rack (1.6.4)
    rack-protection (1.5.3)
      rack
    rack-test (0.6.3)
      rack (>= 1.0)
    rake (11.2.2)
    sinatra (1.4.7)
      rack (~> 1.5)
      rack-protection (~> 1.4)
      tilt (>= 1.3, < 3)
    test-unit (3.2.0)
      power_assert
    tilt (2.0.5)

PLATFORMS
  ruby

DEPENDENCIES
  rack-test
  rake
  sinatra
  test-unit (~> 3.2)

BUNDLED WITH
   1.12.5
